GEM
  remote: https://rubygems.org/
  specs:
    encrypted_strings (0.3.3)
    mustermann (1.0.3)
    rack (2.0.7)
    rack-protection (2.0.7)
      rack
    sinatra (2.0.7)
      mustermann (~> 1.0)
      rack (~> 2.0)
      rack-protection (= 2.0.7)
      tilt (~> 2.0)
    tilt (2.0.10)

PLATFORMS
  ruby

DEPENDENCIES
  encrypted_strings
  sinatra

RUBY VERSION
   ruby 2.3.7p456

BUNDLED WITH
   2.0.2
